GEM
  remote: https://rubygems.org/
  specs:
    awesome_print (1.2.0)
    aws-sdk (1.52.0)
      aws-sdk-v1 (= 1.52.0)
    aws-sdk-v1 (1.52.0)
      json (~> 1.4)
      nokogiri (>= 1.4.4)
    dotenv (0.11.1)
      dotenv-deployment (~> 0.0.2)
    dotenv-deployment (0.0.2)
    json (1.8.1)
    mini_portile (0.6.0)
    nokogiri (1.6.3.1)
      mini_portile (= 0.6.0)
    thor (0.19.1)

PLATFORMS
  ruby

DEPENDENCIES
  awesome_print
  aws-sdk (< 2)
  dotenv
  thor
